GEM
  specs:
    addressable (2.2.2)
    em-websocket (0.2.0)
      addressable (>= 2.1.1)
      eventmachine (>= 0.12.9)
    eventmachine (0.12.10)
    rack (1.2.1)
    sinatra (1.1.0)
      rack (~> 1.1)
      tilt (~> 1.1)
    tilt (1.1)

PLATFORMS
  ruby

DEPENDENCIES
  addressable (= 2.2.2)
  em-websocket (= 0.2.0)
  eventmachine (= 0.12.10)
  sinatra
