GEM
  remote: http://rubygems.org/
  specs:
    addressable (2.2.2)
    diff-lcs (1.1.2)
    em-websocket (0.2.0)
      addressable (>= 2.1.1)
      eventmachine (>= 0.12.9)
    eventmachine (0.12.10)
    jasmine (1.0.1.1)
      json_pure (>= 1.4.3)
      rack (>= 1.0.0)
      rake (>= 0.8.7)
      rspec (>= 1.1.5)
      selenium-client (>= 1.2.17)
      selenium-rc (>= 2.1.0)
    json_pure (1.4.6)
    rack (1.2.1)
    rake (0.8.7)
    rspec (2.3.0)
      rspec-core (~> 2.3.0)
      rspec-expectations (~> 2.3.0)
      rspec-mocks (~> 2.3.0)
    rspec-core (2.3.1)
    rspec-expectations (2.3.0)
      diff-lcs (~> 1.1.2)
    rspec-mocks (2.3.0)
    selenium-client (1.2.18)
    selenium-rc (2.2.4)
      selenium-client (>= 1.2.18)
    sinatra (1.1.0)
      rack (~> 1.1)
      tilt (~> 1.1)
    tilt (1.1)

PLATFORMS
  ruby

DEPENDENCIES
  addressable (= 2.2.2)
  em-websocket (= 0.2.0)
  eventmachine (= 0.12.10)
  jasmine (~> 1.0.1)
  sinatra
